GEM
  remote: http://rubygems.org/
  specs:
    array_enumerator (0.0.3)
    datet (0.0.25)
    diff-lcs (1.1.3)
    git (1.2.5)
    http2 (0.0.13)
    jeweler (1.8.4)
      bundler (~> 1.0)
      git (>= 1.2.5)
      rake
      rdoc
    json (1.7.7)
    knjrbfw (0.0.104)
      datet
      http2
      php4r
      ruby_process
      tsafe
      wref
    mysql2 (0.3.11)
    php4r (0.0.4)
      datet
      http2
      string-strtr
    rake (10.0.4)
    rdoc (3.12.2)
      json (~> 1.4)
    rspec (2.8.0)
      rspec-core (~> 2.8.0)
      rspec-expectations (~> 2.8.0)
      rspec-mocks (~> 2.8.0)
    rspec-core (2.8.0)
    rspec-expectations (2.8.0)
      diff-lcs (~> 1.1.2)
    rspec-mocks (2.8.0)
    ruby_process (0.0.8)
      tsafe
      wref
    sqlite3 (1.3.7)
    string-strtr (0.0.3)
    tsafe (0.0.11)
    wref (0.0.6)

PLATFORMS
  ruby

DEPENDENCIES
  array_enumerator
  bundler (>= 1.0.0)
  datet
  jeweler (~> 1.8.4)
  knjrbfw
  mysql2
  rdoc (~> 3.12)
  rspec (~> 2.8.0)
  sqlite3
  wref
