PATH
  remote: .
  specs:
    baza (0.0.38)
      array_enumerator (>= 0.0.10)
      auto_autoloader (>= 0.0.5)
      datet (>= 0.0.25)
      event_handler
      simple_delegate (>= 0.0.2)
      string-cases (>= 0.0.4)
      wref (>= 0.0.9)

GEM
  remote: http://rubygems.org/
  specs:
    activemodel (7.0.7.2)
      activesupport (= 7.0.7.2)
    activerecord (7.0.7.2)
      activemodel (= 7.0.7.2)
      activesupport (= 7.0.7.2)
    activerecord-jdbc-adapter (70.0-java)
      activerecord (~> 7.0)
    activesupport (7.0.7.2)
      concurrent-ruby (~> 1.0, >= 1.0.2)
      i18n (>= 1.6, < 2)
      minitest (>= 5.1)
      tzinfo (~> 2.0)
    array_enumerator (0.0.10)
    ast (2.4.2)
    auto_autoloader (0.0.5)
      string-cases
    best_practice_project (0.0.12)
      auto_autoloader (>= 0.0.5)
    coderay (1.1.3)
    concurrent-ruby (1.2.2)
    datet (0.0.25)
    diff-lcs (1.5.0)
    event_handler (0.0.0)
    ffi (1.15.5-java)
    i18n (1.14.1)
      concurrent-ruby (~> 1.0)
    jar-dependencies (0.4.1)
    jdbc-mysql (8.0.27)
    jdbc-sqlite3 (3.32.3.3)
    json (2.7.1)
    json (2.7.1-java)
    language_server-protocol (3.17.0.3)
    method_source (1.0.0)
    mini_portile2 (2.8.5)
    minitest (5.19.0)
    mysql2 (0.5.5)
    parallel (1.24.0)
    parser (3.2.2.4)
      ast (~> 2.4.1)
      racc
    pg (1.5.4)
    pry (0.14.2)
      coderay (~> 1.1)
      method_source (~> 1.0)
    pry (0.14.2-java)
      coderay (~> 1.1)
      method_source (~> 1.0)
      spoon (~> 0.0)
    psych (5.1.2)
      stringio
    psych (5.1.2-java)
      jar-dependencies (>= 0.1.7)
    racc (1.7.3)
    racc (1.7.3-java)
    rainbow (3.1.1)
    rake (13.1.0)
    rdoc (6.6.2)
      psych (>= 4.0.0)
    ref (2.0.0)
    regexp_parser (2.8.3)
    rexml (3.2.6)
    rspec (3.12.0)
      rspec-core (~> 3.12.0)
      rspec-expectations (~> 3.12.0)
      rspec-mocks (~> 3.12.0)
    rspec-core (3.12.0)
      rspec-support (~> 3.12.0)
    rspec-expectations (3.12.0)
      diff-lcs (>= 1.2.0, < 2.0)
      rspec-support (~> 3.12.0)
    rspec-mocks (3.12.0)
      diff-lcs (>= 1.2.0, < 2.0)
      rspec-support (~> 3.12.0)
    rspec-support (3.12.0)
    rubocop (1.59.0)
      json (~> 2.3)
      language_server-protocol (>= 3.17.0)
      parallel (~> 1.10)
      parser (>= 3.2.2.4)
      rainbow (>= 2.2.2, < 4.0)
      regexp_parser (>= 1.8, < 3.0)
      rexml (>= 3.2.5, < 4.0)
      rubocop-ast (>= 1.30.0, < 2.0)
      ruby-progressbar (~> 1.7)
      unicode-display_width (>= 2.4.0, < 3.0)
    rubocop-ast (1.30.0)
      parser (>= 3.2.1.0)
    rubocop-capybara (2.19.0)
      rubocop (~> 1.41)
    rubocop-factory_bot (2.24.0)
      rubocop (~> 1.33)
    rubocop-performance (1.19.0)
      rubocop (>= 1.7.0, < 2.0)
      rubocop-ast (>= 0.4.0)
    rubocop-rake (0.6.0)
      rubocop (~> 1.0)
    rubocop-rspec (2.25.0)
      rubocop (~> 1.40)
      rubocop-capybara (~> 2.17)
      rubocop-factory_bot (~> 2.22)
    ruby-progressbar (1.13.0)
    simple_delegate (0.0.4)
    spoon (0.0.6)
      ffi
    sqlite3 (1.7.0)
      mini_portile2 (~> 2.8.0)
    string-cases (0.0.4)
    stringio (3.1.0)
    tzinfo (2.0.6)
      concurrent-ruby (~> 1.0)
    unicode-display_width (2.5.0)
    weakling (0.0.3)
    wref (0.0.9)
      ref
      weakling

PLATFORMS
  java
  ruby
  universal-java-17

DEPENDENCIES
  activerecord (= 7.0.7.2)
  activerecord-jdbc-adapter
  baza!
  best_practice_project (>= 0.0.9)
  bundler
  jdbc-mysql
  jdbc-sqlite3
  mysql2 (>= 0.4.10)
  pg (>= 1.3.5)
  pry
  rake
  rdoc
  rspec (>= 3.4.0)
  rubocop
  rubocop-performance
  rubocop-rake
  rubocop-rspec
  sqlite3 (>= 1.4.2)

BUNDLED WITH
   2.3.16
