PATH
  remote: .
  specs:
    baza (0.0.38)
      array_enumerator (>= 0.0.10)
      auto_autoloader (>= 0.0.5)
      datet (>= 0.0.25)
      event_handler
      simple_delegate (>= 0.0.2)
      string-cases (>= 0.0.4)
      wref (>= 0.0.9)

GEM
  remote: http://rubygems.org/
  specs:
    activemodel (7.2.2.1)
      activesupport (= 7.2.2.1)
    activerecord (7.2.2.1)
      activemodel (= 7.2.2.1)
      activesupport (= 7.2.2.1)
      timeout (>= 0.4.0)
    activerecord-jdbc-adapter (70.0-java)
      activerecord (~> 7.0)
    activesupport (7.2.2.1)
      base64
      benchmark (>= 0.3)
      bigdecimal
      concurrent-ruby (~> 1.0, >= 1.3.1)
      connection_pool (>= 2.2.5)
      drb
      i18n (>= 1.6, < 2)
      logger (>= 1.4.2)
      minitest (>= 5.1)
      securerandom (>= 0.3)
      tzinfo (~> 2.0, >= 2.0.5)
    array_enumerator (0.0.10)
    ast (2.4.2)
    auto_autoloader (0.0.5)
      string-cases
    base64 (0.2.0)
    benchmark (0.4.0)
    best_practice_project (0.0.12)
      auto_autoloader (>= 0.0.5)
    bigdecimal (3.1.9)
    bigdecimal (3.1.9-java)
    coderay (1.1.3)
    concurrent-ruby (1.3.4)
    connection_pool (2.4.1)
    datet (0.0.25)
    diff-lcs (1.5.1)
    drb (2.2.1)
    event_handler (0.0.0)
    ffi (1.17.1-java)
    i18n (1.14.6)
      concurrent-ruby (~> 1.0)
    jar-dependencies (0.4.1)
    jdbc-mysql (8.0.27)
    jdbc-sqlite3 (3.32.3.3)
    json (2.9.1)
    json (2.9.1-java)
    language_server-protocol (3.17.0.3)
    logger (1.6.4)
    method_source (1.1.0)
    mini_portile2 (2.8.5)
    minitest (5.25.4)
    mysql2 (0.5.6)
    parallel (1.26.3)
    parser (3.3.6.0)
      ast (~> 2.4.1)
      racc
    pg (1.5.9)
    pry (0.15.2)
      coderay (~> 1.1)
      method_source (~> 1.0)
    pry (0.15.2-java)
      coderay (~> 1.1)
      method_source (~> 1.0)
      spoon (~> 0.0)
    psych (5.1.2)
      stringio
    psych (5.1.2-java)
      jar-dependencies (>= 0.1.7)
    racc (1.8.1)
    racc (1.8.1-java)
    rainbow (3.1.1)
    rake (13.2.1)
    rdoc (6.7.0)
      psych (>= 4.0.0)
    ref (2.0.0)
    regexp_parser (2.10.0)
    rspec (3.13.0)
      rspec-core (~> 3.13.0)
      rspec-expectations (~> 3.13.0)
      rspec-mocks (~> 3.13.0)
    rspec-core (3.13.0)
      rspec-support (~> 3.13.0)
    rspec-expectations (3.13.0)
      diff-lcs (>= 1.2.0, < 2.0)
      rspec-support (~> 3.13.0)
    rspec-mocks (3.13.0)
      diff-lcs (>= 1.2.0, < 2.0)
      rspec-support (~> 3.13.0)
    rspec-support (3.13.1)
    rubocop (1.69.2)
      json (~> 2.3)
      language_server-protocol (>= 3.17.0)
      parallel (~> 1.10)
      parser (>= 3.3.0.2)
      rainbow (>= 2.2.2, < 4.0)
      regexp_parser (>= 2.9.3, < 3.0)
      rubocop-ast (>= 1.36.2, < 2.0)
      ruby-progressbar (~> 1.7)
      unicode-display_width (>= 2.4.0, < 4.0)
    rubocop-ast (1.37.0)
      parser (>= 3.3.1.0)
    rubocop-performance (1.22.1)
      rubocop (>= 1.48.1, < 2.0)
      rubocop-ast (>= 1.31.1, < 2.0)
    rubocop-rake (0.6.0)
      rubocop (~> 1.0)
    rubocop-rspec (3.3.0)
      rubocop (~> 1.61)
    ruby-progressbar (1.13.0)
    securerandom (0.4.1)
    simple_delegate (0.0.4)
    spoon (0.0.6)
      ffi
    sqlite3 (1.6.7)
      mini_portile2 (~> 2.8.0)
    string-cases (0.0.4)
    stringio (3.1.0)
    timeout (0.4.3)
    tzinfo (2.0.6)
      concurrent-ruby (~> 1.0)
    unicode-display_width (3.1.3)
      unicode-emoji (~> 4.0, >= 4.0.4)
    unicode-emoji (4.0.4)
    weakling (0.0.3)
    wref (0.0.9)
      ref
      weakling

PLATFORMS
  java
  ruby
  universal-java-17

DEPENDENCIES
  activerecord (= 7.2.2.1)
  activerecord-jdbc-adapter
  baza!
  best_practice_project (>= 0.0.9)
  bundler
  jdbc-mysql
  jdbc-sqlite3
  mysql2 (>= 0.4.10)
  pg (>= 1.3.5)
  pry
  rake
  rdoc
  rspec (>= 3.4.0)
  rubocop
  rubocop-performance
  rubocop-rake
  rubocop-rspec
  sqlite3 (>= 1.4.2)

BUNDLED WITH
   2.3.16
