PATH
  remote: .
  specs:
    baza (0.0.38)
      array_enumerator (>= 0.0.10)
      auto_autoloader (>= 0.0.5)
      datet (>= 0.0.25)
      event_handler
      simple_delegate (>= 0.0.2)
      string-cases (>= 0.0.4)
      wref (>= 0.0.8)

GEM
  remote: http://rubygems.org/
  specs:
    activemodel (5.1.7)
      activesupport (= 5.1.7)
    activerecord (5.1.7)
      activemodel (= 5.1.7)
      activesupport (= 5.1.7)
      arel (~> 8.0)
    activerecord-jdbc-adapter (51.0)
      activerecord (~> 5.1.0)
    activesupport (5.1.7)
      concurrent-ruby (~> 1.0, >= 1.0.2)
      i18n (>= 0.7, < 2)
      minitest (~> 5.1)
      tzinfo (~> 1.1)
    arel (8.0.0)
    array_enumerator (0.0.10)
    ast (2.4.0)
    auto_autoloader (0.0.5)
      string-cases
    best_practice_project (0.0.9)
      auto_autoloader
    coderay (1.1.3)
    concurrent-ruby (1.1.10)
    datet (0.0.25)
    diff-lcs (1.3)
    event_handler (0.0.0)
    ffi (1.15.5-java)
    i18n (1.10.0)
      concurrent-ruby (~> 1.0)
    jar-dependencies (0.4.1)
    jdbc-mysql (8.0.27)
    jdbc-sqlite3 (3.28.0)
    method_source (1.0.0)
    minitest (5.15.0)
    mysql2 (0.4.10)
    parser (2.5.0.5)
      ast (~> 2.4.0)
    pg (0.21.0)
    powerpack (0.1.1)
    pry (0.14.1)
      coderay (~> 1.1)
      method_source (~> 1.0)
    pry (0.14.1-java)
      coderay (~> 1.1)
      method_source (~> 1.0)
      spoon (~> 0.0)
    psych (4.0.3)
      stringio
    psych (4.0.3-java)
      jar-dependencies (>= 0.1.7)
    rainbow (2.2.2)
      rake
    rake (13.0.1)
    rdoc (6.4.0)
      psych (>= 4.0.0)
    rspec (3.4.0)
      rspec-core (~> 3.4.0)
      rspec-expectations (~> 3.4.0)
      rspec-mocks (~> 3.4.0)
    rspec-core (3.4.4)
      rspec-support (~> 3.4.0)
    rspec-expectations (3.4.0)
      diff-lcs (>= 1.2.0, < 2.0)
      rspec-support (~> 3.4.0)
    rspec-mocks (3.4.1)
      diff-lcs (>= 1.2.0, < 2.0)
      rspec-support (~> 3.4.0)
    rspec-support (3.4.1)
    rubocop (0.39.0)
      parser (>= 2.3.0.7, < 3.0)
      powerpack (~> 0.1)
      rainbow (>= 1.99.1, < 3.0)
      ruby-progressbar (~> 1.7)
      unicode-display_width (~> 1.0, >= 1.0.1)
    ruby-progressbar (1.9.0)
    simple_delegate (0.0.4)
    spoon (0.0.6)
      ffi
    sqlite3 (1.4.2)
    string-cases (0.0.4)
    stringio (3.0.1)
    thread_safe (0.3.6)
    thread_safe (0.3.6-java)
    tzinfo (1.2.9)
      thread_safe (~> 0.1)
    unicode-display_width (1.3.0)
    wref (0.0.8)

PLATFORMS
  java
  ruby

DEPENDENCIES
  activerecord
  activerecord-jdbc-adapter
  baza!
  best_practice_project (= 0.0.9)
  bundler
  jdbc-mysql
  jdbc-sqlite3
  mysql2 (= 0.4.10)
  pg (= 0.21.0)
  pry
  rdoc
  rspec (= 3.4.0)
  rubocop (= 0.39.0)
  sqlite3 (< 1.5)

BUNDLED WITH
   2.3.8
