PATH
  remote: .
  specs:
    baza (0.0.38)
      array_enumerator (>= 0.0.10)
      auto_autoloader (>= 0.0.5)
      datet (>= 0.0.25)
      event_handler
      simple_delegate (>= 0.0.2)
      string-cases (>= 0.0.4)
      wref (>= 0.0.8)

GEM
  remote: http://rubygems.org/
  specs:
    activemodel (7.0.3)
      activesupport (= 7.0.3)
    activerecord (7.0.3)
      activemodel (= 7.0.3)
      activesupport (= 7.0.3)
    activesupport (7.0.3)
      concurrent-ruby (~> 1.0, >= 1.0.2)
      i18n (>= 1.6, < 2)
      minitest (>= 5.1)
      tzinfo (~> 2.0)
    array_enumerator (0.0.10)
    ast (2.4.2)
    auto_autoloader (0.0.5)
      string-cases
    best_practice_project (0.0.12)
      auto_autoloader (>= 0.0.5)
    coderay (1.1.3)
    concurrent-ruby (1.1.10)
    datet (0.0.25)
    diff-lcs (1.5.0)
    event_handler (0.0.0)
    ffi (1.15.5-java)
    i18n (1.10.0)
      concurrent-ruby (~> 1.0)
    jar-dependencies (0.4.1)
    method_source (1.0.0)
    minitest (5.15.0)
    mysql2 (0.5.4)
    parallel (1.22.1)
    parser (3.1.2.0)
      ast (~> 2.4.1)
    pg (1.3.5)
    pry (0.14.1)
      coderay (~> 1.1)
      method_source (~> 1.0)
    pry (0.14.1-java)
      coderay (~> 1.1)
      method_source (~> 1.0)
      spoon (~> 0.0)
    psych (4.0.4)
      stringio
    psych (4.0.4-java)
      jar-dependencies (>= 0.1.7)
    rainbow (3.1.1)
    rake (13.0.6)
    rdoc (6.4.0)
      psych (>= 4.0.0)
    regexp_parser (2.5.0)
    rexml (3.2.5)
    rspec (3.11.0)
      rspec-core (~> 3.11.0)
      rspec-expectations (~> 3.11.0)
      rspec-mocks (~> 3.11.0)
    rspec-core (3.11.0)
      rspec-support (~> 3.11.0)
    rspec-expectations (3.11.0)
      diff-lcs (>= 1.2.0, < 2.0)
      rspec-support (~> 3.11.0)
    rspec-mocks (3.11.1)
      diff-lcs (>= 1.2.0, < 2.0)
      rspec-support (~> 3.11.0)
    rspec-support (3.11.0)
    rubocop (1.29.1)
      parallel (~> 1.10)
      parser (>= 3.1.0.0)
      rainbow (>= 2.2.2, < 4.0)
      regexp_parser (>= 1.8, < 3.0)
      rexml (>= 3.2.5, < 4.0)
      rubocop-ast (>= 1.17.0, < 2.0)
      ruby-progressbar (~> 1.7)
      unicode-display_width (>= 1.4.0, < 3.0)
    rubocop-ast (1.18.0)
      parser (>= 3.1.1.0)
    rubocop-rspec (2.11.1)
      rubocop (~> 1.19)
    ruby-progressbar (1.11.0)
    simple_delegate (0.0.4)
    spoon (0.0.6)
      ffi
    sqlite3 (1.4.4)
    string-cases (0.0.4)
    stringio (3.0.2)
    tzinfo (2.0.4)
      concurrent-ruby (~> 1.0)
    unicode-display_width (2.1.0)
    wref (0.0.8)

PLATFORMS
  java
  ruby
  universal-java-17

DEPENDENCIES
  activerecord (= 7.0.3)
  baza!
  best_practice_project (>= 0.0.9)
  bundler
  mysql2 (>= 0.4.10)
  pg (>= 1.3.5)
  pry
  rake
  rdoc
  rspec (>= 3.4.0)
  rubocop
  rubocop-rspec
  sqlite3 (>= 1.4.2)

BUNDLED WITH
   2.3.8
